GEM
  remote: https://rubygems.org/
  specs:
    addressable (2.3.5)
    chunky_png (1.2.9)
    compass (0.12.2)
      chunky_png (~> 1.2)
      fssm (>= 0.2.7)
      sass (~> 3.1)
    css_parser (1.3.5)
      addressable
    fssm (0.2.10)
    json (1.8.1)
    sass (3.2.13)

PLATFORMS
  ruby

DEPENDENCIES
  compass
  css_parser
  json
